GEM
  remote: https://rubygems.org/
  specs:
    archive-tar-minitar (0.5.2)
    backports (3.3.5)
    docker-api (1.7.3)
      archive-tar-minitar
      excon (>= 0.28)
      json
    excon (0.29.0)
    facets (2.9.3)
    json (1.8.1)
    multi_json (1.8.2)
    mysql2 (0.3.14)
    parseconfig (1.0.2)
    rack (1.6.13)
    rack-protection (1.5.1)
      rack
    rack-test (0.6.2)
      rack (>= 1.0)
    sequel (4.4.0)
    sinatra (1.4.4)
      rack (~> 1.4)
      rack-protection (~> 1.4)
      tilt (~> 1.3, >= 1.3.4)
    sinatra-contrib (1.4.1)
      backports (>= 2.0)
      multi_json
      rack-protection
      rack-test
      sinatra (~> 1.4.0)
      tilt (~> 1.3)
    sqlite3 (1.3.8)
    tilt (1.4.1)

PLATFORMS
  ruby

DEPENDENCIES
  docker-api
  facets
  mysql2
  parseconfig
  sequel
  sinatra
  sinatra-contrib
  sqlite3
